GIT
  remote: https://github.com/DanielVartanov/merb_activerecord.git
  revision: c564725842b27def89c0b2108ecdd118eb293750
  branch: modernize
  specs:
    merb_activerecord (1.1.1)
      activerecord (>= 3.0.7)
      merb-core (~> 1.1.3)

PATH
  remote: vendor/merb-auth/merb-auth-core
  specs:
    merb-auth-core (1.1.0)
      merb-core (~> 1.1.0)

PATH
  remote: vendor/merb-auth/merb-auth-more
  specs:
    merb-auth-more (1.1.0)
      merb-auth-core (~> 1.1.0)

PATH
  remote: vendor/merb-auth/merb-auth-slice-password
  specs:
    merb-auth-slice-password (1.1.0)
      merb-auth-core (~> 1.1.0)
      merb-auth-more (~> 1.1.0)
      merb-slices (~> 1.1.0)

PATH
  remote: vendor/merb/merb-core
  specs:
    merb-core (1.1.3)
      bundler
      erubis (>= 2.6.2)
      extlib (>= 0.9.13)
      mime-types (>= 1.16)
      rack
      rake

PATH
  remote: vendor/merb/merb-helpers
  specs:
    merb-helpers (1.1.3)
      merb-core (~> 1.1.3)

PATH
  remote: vendor/merb/merb-slices
  specs:
    merb-slices (1.1.3)
      merb-core (~> 1.1.3)

GEM
  remote: https://rubygems.org/
  specs:
    activemodel (4.2.7.1)
      activesupport (= 4.2.7.1)
      builder (~> 3.1)
    activerecord (4.2.7.1)
      activemodel (= 4.2.7.1)
      activesupport (= 4.2.7.1)
      arel (~> 6.0)
    activesupport (4.2.7.1)
      i18n (~> 0.7)
      json (~> 1.7, >= 1.7.7)
      minitest (~> 5.1)
      thread_safe (~> 0.3, >= 0.3.4)
      tzinfo (~> 1.1)
    acts_as_list (0.7.7)
      activerecord (>= 3.0)
    addressable (2.4.0)
    arel (6.0.3)
    builder (3.2.2)
    byebug (9.0.5)
    coderay (1.1.1)
    cucumber (0.10.6)
      builder (>= 2.1.2)
      diff-lcs (>= 1.1.2)
      gherkin (~> 2.4.0)
      json (>= 1.4.6)
      term-ansicolor (>= 1.0.5)
    cucumber-rails (0.3.2)
      cucumber (>= 0.8.0)
    daemons (1.2.4)
    diff-lcs (1.2.5)
    erubis (2.7.0)
    eventmachine (1.2.0.1)
    extlib (0.9.16)
    gherkin (2.4.21)
      json (>= 1.4.6)
    highline (1.7.8)
    i18n (0.7.0)
    json (1.8.3)
    launchy (2.4.3)
      addressable (~> 2.3)
    mailfactory (1.4.0)
      mime-types (>= 1.13.1)
    merb-assets (1.1.3)
      merb-core (~> 1.1.3)
    merb-exceptions (1.1.3)
      merb-core (~> 1.1.3)
      merb-mailer (~> 1.1.3)
    merb-gen (1.1.3)
      merb-core (~> 1.1.3)
      templater (>= 1.0.0)
    merb-mailer (1.1.3)
      mailfactory (>= 1.2.3)
      merb-core (~> 1.1.3)
    merb-param-protection (1.1.3)
      merb-core (~> 1.1.3)
    merb_cucumber (0.6.1)
      cucumber (>= 0.7.2)
      cucumber-rails
      merb-core (>= 1.1.0)
      merb-gen (>= 1.1.0)
    method_source (0.8.2)
    mime-types (3.1)
      mime-types-data (~> 3.2015)
    mime-types-data (3.2016.0521)
    mini_portile2 (2.1.0)
    minitest (5.9.0)
    nokogiri (1.6.8)
      mini_portile2 (~> 2.1.0)
      pkg-config (~> 1.1.7)
    pg (0.18.4)
    pkg-config (1.1.7)
    pry (0.10.4)
      coderay (~> 1.1.0)
      method_source (~> 0.8.1)
      slop (~> 3.4)
    pry-byebug (3.4.0)
      byebug (~> 9.0)
      pry (~> 0.10)
    rack (2.0.1)
    rack-test (0.6.3)
      rack (>= 1.0)
    rake (11.2.2)
    rspec (1.3.0)
    slop (3.6.0)
    sqlite3 (1.3.11)
    templater (1.0.0)
      diff-lcs (>= 1.1.2)
      extlib (>= 0.9.5)
      highline (>= 1.4.0)
    term-ansicolor (1.3.2)
      tins (~> 1.0)
    thin (1.7.0)
      daemons (~> 1.0, >= 1.0.9)
      eventmachine (~> 1.0, >= 1.0.4)
      rack (>= 1, < 3)
    thread_safe (0.3.5)
    tins (1.12.0)
    tzinfo (1.2.2)
      thread_safe (~> 0.1)
    unicode_utils (1.4.0)
    webrat (0.7.3)
      nokogiri (>= 1.2.0)
      rack (>= 1.0)
      rack-test (>= 0.5.3)

PLATFORMS
  ruby

DEPENDENCIES
  activerecord (~> 4.2.5)
  acts_as_list
  cucumber (= 0.10.6)
  cucumber-rails (= 0.3.2)
  launchy
  merb-assets (= 1.1.3)
  merb-auth-core!
  merb-auth-more!
  merb-auth-slice-password!
  merb-core!
  merb-exceptions (= 1.1.3)
  merb-helpers!
  merb-mailer (= 1.1.3)
  merb-param-protection (= 1.1.3)
  merb-slices!
  merb_activerecord!
  merb_cucumber (= 0.6.1)
  nokogiri
  pg
  pry
  pry-byebug
  rspec (= 1.3.0)
  sqlite3
  thin
  unicode_utils
  webrat

RUBY VERSION
   ruby 2.3.4p301

BUNDLED WITH
   1.12.5
