GIT
  remote: https://github.com/DanielVartanov/merb_activerecord.git
  revision: c564725842b27def89c0b2108ecdd118eb293750
  branch: modernize
  specs:
    merb_activerecord (1.1.1)
      activerecord (>= 3.0.7)
      merb-core (~> 1.1.3)

PATH
  remote: vendor/merb-auth/merb-auth-core
  specs:
    merb-auth-core (1.1.0)
      merb-core (~> 1.1.0)

PATH
  remote: vendor/merb-auth/merb-auth-more
  specs:
    merb-auth-more (1.1.0)
      merb-auth-core (~> 1.1.0)

PATH
  remote: vendor/merb-auth/merb-auth-slice-password
  specs:
    merb-auth-slice-password (1.1.0)
      merb-auth-core (~> 1.1.0)
      merb-auth-more (~> 1.1.0)
      merb-slices (~> 1.1.0)

PATH
  remote: vendor/merb/merb-core
  specs:
    merb-core (1.1.3)
      bundler
      erubis (>= 2.6.2)
      extlib (>= 0.9.13)
      mime-types (>= 1.16)
      rack
      rake

PATH
  remote: vendor/merb/merb-helpers
  specs:
    merb-helpers (1.1.3)
      merb-core (= 1.1.3)

PATH
  remote: vendor/merb/merb-slices
  specs:
    merb-slices (1.1.3)
      merb-core (= 1.1.3)

GEM
  remote: https://rubygems.org/
  specs:
    activemodel (4.2.11.3)
      activesupport (= 4.2.11.3)
      builder (~> 3.1)
    activerecord (4.2.11.3)
      activemodel (= 4.2.11.3)
      activesupport (= 4.2.11.3)
      arel (~> 6.0)
    activesupport (4.2.11.3)
      i18n (~> 0.7)
      minitest (~> 5.1)
      thread_safe (~> 0.3, >= 0.3.4)
      tzinfo (~> 1.1)
    acts_as_list (1.0.1)
      activerecord (>= 4.2)
    addressable (2.8.0)
      public_suffix (>= 2.0.2, < 5.0)
    arel (6.0.4)
    builder (3.2.4)
    byebug (11.1.3)
    coderay (1.1.3)
    concurrent-ruby (1.1.6)
    cucumber (0.10.6)
      builder (>= 2.1.2)
      diff-lcs (>= 1.1.2)
      gherkin (~> 2.4.0)
      json (>= 1.4.6)
      term-ansicolor (>= 1.0.5)
    cucumber-rails (0.3.2)
      cucumber (>= 0.8.0)
    daemons (1.3.1)
    diff-lcs (1.4.2)
    erubis (2.7.0)
    eventmachine (1.2.7)
    extlib (0.9.16)
    gherkin (2.4.21)
      json (>= 1.4.6)
    highline (2.0.3)
    i18n (0.9.5)
      concurrent-ruby (~> 1.0)
    json (2.3.0)
    launchy (2.5.0)
      addressable (~> 2.7)
    mailfactory (1.4.0)
      mime-types (>= 1.13.1)
    merb-assets (1.1.3)
      merb-core (~> 1.1.3)
    merb-exceptions (1.1.3)
      merb-core (~> 1.1.3)
      merb-mailer (~> 1.1.3)
    merb-gen (1.1.3)
      merb-core (~> 1.1.3)
      templater (>= 1.0.0)
    merb-mailer (1.1.3)
      mailfactory (>= 1.2.3)
      merb-core (~> 1.1.3)
    merb-param-protection (1.1.3)
      merb-core (~> 1.1.3)
    merb_cucumber (0.6.1)
      cucumber (>= 0.7.2)
      cucumber-rails
      merb-core (>= 1.1.0)
      merb-gen (>= 1.1.0)
    method_source (1.0.0)
    mime-types (3.3.1)
      mime-types-data (~> 3.2015)
    mime-types-data (3.2020.0512)
    mini_portile2 (2.5.3)
    minitest (5.14.1)
    nokogiri (1.11.7)
      mini_portile2 (~> 2.5.0)
      racc (~> 1.4)
    pg (1.2.3)
    pry (0.13.1)
      coderay (~> 1.1)
      method_source (~> 1.0)
    pry-byebug (3.9.0)
      byebug (~> 11.0)
      pry (~> 0.13.0)
    public_suffix (4.0.6)
    racc (1.5.2)
    rack (2.2.3.1)
    rack-test (1.1.0)
      rack (>= 1.0, < 3)
    rake (12.3.3)
    rspec (1.3.0)
    sqlite3 (1.3.13)
    sync (0.5.0)
    templater (1.0.0)
      diff-lcs (>= 1.1.2)
      extlib (>= 0.9.5)
      highline (>= 1.4.0)
    term-ansicolor (1.7.1)
      tins (~> 1.0)
    thin (1.7.2)
      daemons (~> 1.0, >= 1.0.9)
      eventmachine (~> 1.0, >= 1.0.4)
      rack (>= 1, < 3)
    thread_safe (0.3.6)
    tins (1.25.0)
      sync
    tzinfo (1.2.7)
      thread_safe (~> 0.1)
    unicode_utils (1.4.0)
    webrat (0.7.3)
      nokogiri (>= 1.2.0)
      rack (>= 1.0)
      rack-test (>= 0.5.3)

PLATFORMS
  ruby

DEPENDENCIES
  activerecord (~> 4.2.5)
  acts_as_list
  cucumber (= 0.10.6)
  cucumber-rails (= 0.3.2)
  launchy
  merb-assets (= 1.1.3)
  merb-auth-core!
  merb-auth-more!
  merb-auth-slice-password!
  merb-core!
  merb-exceptions (= 1.1.3)
  merb-helpers!
  merb-mailer (= 1.1.3)
  merb-param-protection (= 1.1.3)
  merb-slices!
  merb_activerecord!
  merb_cucumber (= 0.6.1)
  nokogiri
  pg
  pry
  pry-byebug
  rake (~> 12.3.3)
  rspec (= 1.3.0)
  sqlite3 (< 1.4)
  thin
  unicode_utils
  webrat

RUBY VERSION
   ruby 2.6.5p114

BUNDLED WITH
   2.2.3
